PATH
  remote: .
  specs:
    stretch_pants (0.0.1)
      elasticsearch-client

GEM
  remote: https://rubygems.org/
  specs:
    diff-lcs (1.2.5)
    elasticsearch-client (0.1.1)
      excon (~> 0.6.6)
      faraday (~> 0.8)
      faraday_middleware (~> 0.8.7)
      yajl-ruby (~> 1.1.0)
    excon (0.6.6)
    faraday (0.8.11)
      multipart-post (~> 1.2.0)
    faraday_middleware (0.8.8)
      faraday (>= 0.7.4, < 0.9)
    multipart-post (1.2.0)
    rspec (3.5.0)
      rspec-core (~> 3.5.0)
      rspec-expectations (~> 3.5.0)
      rspec-mocks (~> 3.5.0)
    rspec-core (3.5.4)
      rspec-support (~> 3.5.0)
    rspec-expectations (3.5.0)
      diff-lcs (>= 1.2.0, < 2.0)
      rspec-support (~> 3.5.0)
    rspec-mocks (3.5.0)
      diff-lcs (>= 1.2.0, < 2.0)
      rspec-support (~> 3.5.0)
    rspec-support (3.5.0)
    yajl-ruby (1.1.0)

PLATFORMS
  ruby

DEPENDENCIES
  rspec
  stretch_pants!

BUNDLED WITH
   1.13.6
